GEM
  remote: http://rubygems.org/
  specs:
    cinch (1.1.3)
    nokogiri (1.5.0)

PLATFORMS
  ruby

DEPENDENCIES
  cinch
  nokogiri
